GEM
  remote: http://rubygems.org/
  specs:
    RedCloth (4.2.7)
    columnize (0.3.2)
    compass (0.10.6)
      haml (>= 3.0.4)
    dropbox (1.2.3)
      json (>= 1.2.0)
      mechanize (>= 1.0.0)
      multipart-post (>= 1.0)
      oauth (>= 0.3.6)
    haml (3.0.25)
    json (1.5.1)
    linecache (0.43)
    mechanize (1.0.0)
      nokogiri (>= 1.2.1)
    multipart-post (1.1.0)
    nokogiri (1.4.4)
    oauth (0.4.4)
    pg (0.10.1)
    rack (1.2.1)
    rack-flash (0.1.1)
      rack
    rack_csrf (2.1.0)
      rack (>= 0.9)
    rdiscount (1.6.8)
    ruby-debug (0.10.4)
      columnize (>= 0.1)
      ruby-debug-base (~> 0.10.4.0)
    ruby-debug-base (0.10.4)
      linecache (>= 0.3)
    sequel (3.20.0)
    sinatra (1.1.2)
      rack (~> 1.1)
      tilt (~> 1.2)
    sqlite3 (1.3.3)
    sqlite3-ruby (1.3.3)
      sqlite3 (>= 1.3.3)
    tilt (1.2.2)

PLATFORMS
  ruby

DEPENDENCIES
  RedCloth
  compass
  dropbox
  haml
  pg
  rack-flash
  rack_csrf
  rdiscount
  ruby-debug
  sequel
  sinatra
  sqlite3-ruby
